GEM
  remote: http://rubygems.org/
  specs:
    awesome_print (1.1.0)
    haml (4.0.3)
      tilt
    net-scp (1.1.2)
      net-ssh (>= 2.6.5)
    net-ssh (2.6.8)
    rack (1.5.2)
    rack-protection (1.5.0)
      rack
    sinatra (1.4.3)
      rack (~> 1.4)
      rack-protection (~> 1.4)
      tilt (~> 1.3, >= 1.3.4)
    tilt (1.4.1)

PLATFORMS
  ruby

DEPENDENCIES
  awesome_print
  haml (= 4.0.3)
  net-scp
  sinatra (= 1.4.3)
